PATH
  remote: .
  specs:
    lontara_utilities (3.1.0)
      bunny (~> 2.20)
      connection_pool (~> 2.4)
      faraday (~> 2.7)
      faraday-net_http_persistent (~> 2.0)
      json (~> 2.6)
      securerandom (~> 0.2)
      uri (~> 0.12)

GEM
  remote: https://rubygems.org/
  specs:
    addressable (2.8.6)
      public_suffix (>= 2.0.2, < 6.0)
    amq-protocol (2.3.2)
    bigdecimal (3.1.6)
    bunny (2.22.0)
      amq-protocol (~> 2.3, >= 2.3.1)
      sorted_set (~> 1, >= 1.0.2)
    byebug (11.1.3)
    connection_pool (2.4.1)
    crack (1.0.0)
      bigdecimal
      rexml
    diff-lcs (1.5.1)
    faraday (2.9.0)
      faraday-net_http (>= 2.0, < 3.2)
    faraday-net_http (3.1.0)
      net-http
    faraday-net_http_persistent (2.1.0)
      faraday (~> 2.5)
      net-http-persistent (~> 4.0)
    hashdiff (1.1.0)
    json (2.7.1)
    net-http (0.4.1)
      uri
    net-http-persistent (4.0.2)
      connection_pool (~> 2.2)
    public_suffix (5.0.4)
    rbtree (0.4.6)
    rexml (3.2.6)
    rspec (3.13.0)
      rspec-core (~> 3.13.0)
      rspec-expectations (~> 3.13.0)
      rspec-mocks (~> 3.13.0)
    rspec-core (3.13.0)
      rspec-support (~> 3.13.0)
    rspec-expectations (3.13.0)
      diff-lcs (>= 1.2.0, < 2.0)
      rspec-support (~> 3.13.0)
    rspec-mocks (3.13.0)
      diff-lcs (>= 1.2.0, < 2.0)
      rspec-support (~> 3.13.0)
    rspec-support (3.13.0)
    securerandom (0.3.1)
    set (1.1.0)
    sorted_set (1.0.3)
      rbtree
      set (~> 1.0)
    uri (0.13.0)
    webmock (3.21.2)
      addressable (>= 2.8.0)
      crack (>= 0.3.2)
      hashdiff (>= 0.4.0, < 2.0.0)

PLATFORMS
  x86_64-linux

DEPENDENCIES
  byebug (~> 11.1)
  lontara_utilities!
  rspec (~> 3.12)
  webmock (~> 3.18)

BUNDLED WITH
   2.3.26
