PATH
  remote: .
  specs:
    lontara_utilities (3.0.0)
      bunny (~> 2.20)
      connection_pool (~> 2.3)
      faraday (~> 2.7)
      json (~> 2.6)
      securerandom (~> 0.2)
      uri (~> 0.12)

GEM
  remote: https://rubygems.org/
  specs:
    addressable (2.8.4)
      public_suffix (>= 2.0.2, < 6.0)
    amq-protocol (2.3.2)
    bunny (2.20.3)
      amq-protocol (~> 2.3, >= 2.3.1)
      sorted_set (~> 1, >= 1.0.2)
    byebug (11.1.3)
    connection_pool (2.4.0)
    crack (0.4.5)
      rexml
    diff-lcs (1.5.0)
    faraday (2.7.4)
      faraday-net_http (>= 2.0, < 3.1)
      ruby2_keywords (>= 0.0.4)
    faraday-net_http (3.0.2)
    hashdiff (1.0.1)
    json (2.6.3)
    public_suffix (5.0.1)
    rbtree (0.4.6)
    rexml (3.2.5)
    rspec (3.12.0)
      rspec-core (~> 3.12.0)
      rspec-expectations (~> 3.12.0)
      rspec-mocks (~> 3.12.0)
    rspec-core (3.12.2)
      rspec-support (~> 3.12.0)
    rspec-expectations (3.12.3)
      diff-lcs (>= 1.2.0, < 2.0)
      rspec-support (~> 3.12.0)
    rspec-mocks (3.12.5)
      diff-lcs (>= 1.2.0, < 2.0)
      rspec-support (~> 3.12.0)
    rspec-support (3.12.0)
    ruby2_keywords (0.0.5)
    securerandom (0.2.2)
    set (1.0.3)
    sorted_set (1.0.3)
      rbtree
      set (~> 1.0)
    uri (0.12.1)
    webmock (3.18.1)
      addressable (>= 2.8.0)
      crack (>= 0.3.2)
      hashdiff (>= 0.4.0, < 2.0.0)

PLATFORMS
  x86_64-linux

DEPENDENCIES
  byebug (~> 11.1)
  lontara_utilities!
  rspec (~> 3.12)
  webmock (~> 3.18)

BUNDLED WITH
   2.3.26
